GIT
  remote: git://github.com/yonigozman/yahoo_weatherman.git
  revision: 22ecbe0e4c520047c7b62be42c1607beb51991d2
  specs:
    yahoo_weatherman (2.0.3)
      nokogiri

GEM
  remote: https://rubygems.org/
  specs:
    artoo (1.8.2)
      celluloid (~> 0.16.0)
      celluloid-io (~> 0.16.0)
      http (~> 0.6.1)
      multi_json (~> 1.10.1)
      pry (~> 0.9.0)
      rake
      reel (~> 0.5.0)
      robeaux (= 0.4.1)
      thor (~> 0.19.1)
    artoo-arduino (1.4.4)
      artoo (>= 1.6.0)
      artoo-gpio (>= 0.4.1)
      artoo-i2c (>= 0.5.0)
      hybridgroup-firmata (>= 0.4.6)
    artoo-gpio (0.4.1)
      artoo (>= 1.6.0)
    artoo-i2c (0.5.0)
      artoo (>= 1.6.0)
    celluloid (0.16.0)
      timers (~> 4.0.0)
    celluloid-io (0.16.2)
      celluloid (>= 0.16.0)
      nio4r (>= 1.1.0)
    coderay (1.1.1)
    event_emitter (0.2.5)
    ffi (1.9.13)
    gmail (0.6.0)
      gmail_xoauth (>= 0.3.0)
      mail (>= 2.2.1)
    gmail_xoauth (0.4.1)
      oauth (>= 0.3.6)
    highline (1.7.8)
    hitimes (1.2.4)
    http (0.6.4)
      http_parser.rb (~> 0.6.0)
    http_parser.rb (0.6.0)
    hybridgroup-firmata (0.4.7)
      event_emitter (~> 0.2.5)
      rubyserial (~> 0.1.1)
    mail (2.6.4)
      mime-types (>= 1.16, < 4)
    method_source (0.8.2)
    mime-types (3.1)
      mime-types-data (~> 3.2015)
    mime-types-data (3.2016.0521)
    mini_portile2 (2.1.0)
    multi_json (1.10.1)
    nio4r (1.2.1)
    nokogiri (1.6.8)
      mini_portile2 (~> 2.1.0)
      pkg-config (~> 1.1.7)
    oauth (0.5.1)
    pkg-config (1.1.7)
    pry (0.9.12.6)
      coderay (~> 1.0)
      method_source (~> 0.8)
      slop (~> 3.4)
    rainbow (1.99.2)
    rake (11.2.2)
    reel (0.5.0)
      celluloid (>= 0.15.1)
      celluloid-io (>= 0.15.0)
      http (>= 0.6.0.pre)
      http_parser.rb (>= 0.6.0)
      websocket_parser (>= 0.1.6)
    robeaux (0.4.1)
    rubyserial (0.1.2)
      ffi (~> 1.9.3)
    slop (3.6.0)
    thor (0.19.1)
    timers (4.0.4)
      hitimes
    websocket_parser (1.0.0)

PLATFORMS
  ruby

DEPENDENCIES
  artoo-arduino
  gmail
  highline
  pry
  rainbow
  yahoo_weatherman!

BUNDLED WITH
   1.12.5
